GEM
  remote: https://rubygems.org/
  specs:
    diff-lcs (1.5.1)
    rspec (3.13.0)
      rspec-core (~> 3.13.0)
      rspec-expectations (~> 3.13.0)
      rspec-mocks (~> 3.13.0)
    rspec-core (3.13.0)
      rspec-support (~> 3.13.0)
    rspec-expectations (3.13.1)
      diff-lcs (>= 1.2.0, < 2.0)
      rspec-support (~> 3.13.0)
    rspec-mocks (3.13.1)
      diff-lcs (>= 1.2.0, < 2.0)
      rspec-support (~> 3.13.0)
    rspec-support (3.13.1)
    sorbet (0.5.11531)
      sorbet-static (= 0.5.11531)
    sorbet-runtime (0.5.11531)
    sorbet-static (0.5.11531-x86_64-linux)
    sorbet-static-and-runtime (0.5.11531)
      sorbet (= 0.5.11531)
      sorbet-runtime (= 0.5.11531)

PLATFORMS
  ruby
  x86_64-linux

DEPENDENCIES
  rspec
  sorbet-static-and-runtime (>= 0.5.11511)

BUNDLED WITH
   2.5.11
